PATH
  remote: .
  specs:
    gem_check_updates (0.2.1)
      gem_update_checker (~> 0.2.0)

GEM
  remote: https://rubygems.org/
  specs:
    diff-lcs (1.3)
    gem_update_checker (0.2.0)
    rake (10.5.0)
    rspec (3.8.0)
      rspec-core (~> 3.8.0)
      rspec-expectations (~> 3.8.0)
      rspec-mocks (~> 3.8.0)
    rspec-core (3.8.0)
      rspec-support (~> 3.8.0)
    rspec-expectations (3.8.1)
      diff-lcs (>= 1.2.0, < 2.0)
      rspec-support (~> 3.8.0)
    rspec-mocks (3.8.0)
      diff-lcs (>= 1.2.0, < 2.0)
      rspec-support (~> 3.8.0)
    rspec-support (3.8.0)

PLATFORMS
  ruby

DEPENDENCIES
  bundler (~> 1.16)
  gem_check_updates!
  rake (~> 10.0)
  rspec (~> 3.0)

BUNDLED WITH
   1.16.3
